GEM
  specs:

PLATFORMS
  x86_64-darwin-21

DEPENDENCIES

BUNDLED WITH
   2.4.1
